GEM
  remote: https://rubygems.org/
  specs:
    chunky_png (1.3.11)
    imatcher (0.1.9)
      chunky_png (~> 1.3.5)

PLATFORMS
  ruby

DEPENDENCIES
  imatcher

BUNDLED WITH
   2.0.2
